GEM
  remote: https://rubygems.org/
  specs:
    crass (1.0.6)
    curb (0.9.11)
    feed-normalizer (1.5.2)
      hpricot (>= 0.6)
      simple-rss (>= 1.1)
    feed_me (0.7.0)
      nokogiri
    feed_parser (0.3.5)
      nokogiri
    feedjira (3.2.0)
      loofah (>= 2.3.1)
      sax-machine (>= 1.0)
    hpricot (0.8.6)
    loofah (2.12.0)
      crass (~> 1.0.2)
      nokogiri (>= 1.5.9)
    mini_portile2 (2.6.1)
    nokogiri (1.12.4)
      mini_portile2 (~> 2.6.1)
      racc (~> 1.4)
    racc (1.5.2)
    sax-machine (1.3.2)
    simple-rss (1.3.3)

PLATFORMS
  ruby

DEPENDENCIES
  curb
  feed-normalizer
  feed_me
  feed_parser
  feedjira
  simple-rss

BUNDLED WITH
   2.2.22
