GEM
  remote: https://rubygems.org/
  specs:
    ast (2.0.0)
    curb (0.8.6)
    feed-normalizer (1.5.2)
      hpricot (>= 0.6)
      simple-rss (>= 1.1)
    feed_me (0.7.0)
      nokogiri
    feed_parser (0.3.5)
      nokogiri
    feedjira (1.5.0)
      curb (~> 0.8)
      loofah (~> 2.0)
      sax-machine (~> 1.0)
    hpricot (0.8.6)
    loofah (2.0.1)
      nokogiri (>= 1.5.9)
    mini_portile (0.6.1)
    nokogiri (1.6.4.1)
      mini_portile (~> 0.6.0)
    oga (0.2.0)
      ast
      racc (~> 1.4, >= 1.4.12)
    ox (2.1.3)
    racc (1.4.12)
    sax-machine (1.1.1)
    simple-rss (1.3.1)

PLATFORMS
  ruby

DEPENDENCIES
  curb
  feed-normalizer
  feed_me
  feed_parser
  feedjira
  oga
  ox
  simple-rss
