GEM
  remote: https://rubygems.org/
  specs:
    ansi (1.5.0)
    ast (2.0.0)
    curb (0.8.8)
    feed-normalizer (1.5.2)
      hpricot (>= 0.6)
      simple-rss (>= 1.1)
    feed_me (0.7.0)
      nokogiri
    feed_parser (0.3.5)
      nokogiri
    feedjira (1.6.0)
      curb (~> 0.8)
      loofah (~> 2.0)
      sax-machine (~> 1.0)
    hpricot (0.8.6)
    loofah (2.0.1)
      nokogiri (>= 1.5.9)
    mini_portile (0.6.2)
    nokogiri (1.6.6.2)
      mini_portile (~> 0.6.0)
    oga (0.3.4)
      ast
      ruby-ll (~> 2.1)
    ox (2.1.8)
    ruby-ll (2.1.1)
      ansi
      ast
    sax-machine (1.3.2)
    simple-rss (1.3.1)

PLATFORMS
  ruby

DEPENDENCIES
  curb
  feed-normalizer
  feed_me
  feed_parser
  feedjira
  oga
  ox
  simple-rss
