GEM
  remote: https://rubygems.org/
  specs:
    curb (0.8.5)
    feed-normalizer (1.5.2)
      hpricot (>= 0.6)
      simple-rss (>= 1.1)
    feed_me (0.7.0)
      nokogiri
    feed_parser (0.3.5)
      nokogiri
    feedjira (1.1.0)
      curb (~> 0.8.1)
      loofah (~> 1.2.1)
      sax-machine (~> 0.2.1)
    hpricot (0.8.6)
    loofah (1.2.1)
      nokogiri (>= 1.4.4)
    mini_portile (0.5.3)
    nokogiri (1.6.1)
      mini_portile (~> 0.5.0)
    sax-machine (0.2.1)
      nokogiri (~> 1.6.0)
    simple-rss (1.3.1)

PLATFORMS
  ruby

DEPENDENCIES
  curb
  feed-normalizer
  feed_me
  feed_parser
  feedjira
  simple-rss
